GEM
  remote: http://rubygems.org/
  specs:
    SystemTimer (1.2.3)
    bson (1.3.1)
    bson_ext (1.3.1)
    i18n (0.5.0)
    json (1.5.1)
    mail (2.3.0)
      i18n (>= 0.4.0)
      mime-types (~> 1.16)
      treetop (~> 1.4.8)
    mime-types (1.16)
    mongo (1.3.1)
      bson (>= 1.3.1)
    nokogiri (1.4.4)
    oauth (0.4.4)
    polyglot (0.3.1)
    pony (1.2)
      mail (> 2.0)
    rack (1.2.2)
    rack-cors (0.2.2)
    sinatra (1.2.1)
      rack (~> 1.1)
      tilt (< 2.0, >= 1.2.2)
    tilt (1.2.2)
    treetop (1.4.9)
      polyglot (>= 0.3.1)
    zipruby (0.3.6)

PLATFORMS
  ruby

DEPENDENCIES
  SystemTimer
  bson_ext
  json
  mongo
  nokogiri
  oauth
  pony
  rack-cors
  sinatra
  zipruby
